GEM
  remote: https://rubygems.org/
  specs:
    byebug (11.1.3)
    fastimage (2.2.6)
    pdf-core (0.9.0)
    prawn (2.4.0)
      pdf-core (~> 0.9.0)
      ttfunk (~> 1.7)
    ttfunk (1.7.0)

PLATFORMS
  x86_64-darwin-20

DEPENDENCIES
  byebug
  fastimage
  prawn

BUNDLED WITH
   2.2.32
